GEM
  remote: https://rubygems.org/
  specs:
    amatch (0.4.1)
      mize
      tins (~> 1.0)
    bigdecimal (3.1.9)
    colorize (1.1.0)
    csv (3.3.4)
    curses (1.5.0)
    dotenv (3.1.8)
    httparty (0.23.1)
      csv
      mini_mime (>= 1.0.0)
      multi_xml (>= 0.5.2)
    logger (1.7.0)
    mini_mime (1.1.5)
    mize (0.6.1)
    multi_xml (0.7.1)
      bigdecimal (~> 3.1)
    ostruct (0.6.1)
    romkan (0.4.0)
    sync (0.5.0)
    tins (1.38.0)
      bigdecimal
      sync

PLATFORMS
  ruby
  x86_64-linux

DEPENDENCIES
  amatch
  colorize
  curses
  dotenv
  httparty
  logger
  ostruct
  romkan

BUNDLED WITH
   2.5.23
