GEM
  remote: https://rubygems.org/
  specs:
    bigdecimal (3.1.9)
    csv (3.3.4)
    curses (1.5.0)
    dotenv (3.1.8)
    httparty (0.23.1)
      csv
      mini_mime (>= 1.0.0)
      multi_xml (>= 0.5.2)
    logger (1.7.0)
    mini_mime (1.1.5)
    multi_xml (0.7.1)
      bigdecimal (~> 3.1)
    ostruct (0.6.1)

PLATFORMS
  ruby
  x86_64-linux

DEPENDENCIES
  curses
  dotenv
  httparty
  logger
  ostruct

BUNDLED WITH
   2.5.23
